GEM
  remote: https://rubygems.org/
  specs:
    bson (1.8.5)
    bson_ext (1.8.5)
      bson (~> 1.8.5)
    factual-api (1.3.7)
      json (>= 1.2.0)
      oauth (>= 0.4.4)
    json (1.7.7)
    mongo (1.8.5)
      bson (~> 1.8.5)
    oauth (0.4.7)

PLATFORMS
  ruby

DEPENDENCIES
  bson_ext
  factual-api
  mongo
